PATH
  remote: vendor/gems/auditor-master
  specs:
    auditor (2.3.4)
      activerecord (~> 3.0)

GEM
  remote: http://rubygems.org/
  specs:
    actionmailer (3.2.22.5)
      actionpack (= 3.2.22.5)
      mail (~> 2.5.4)
    actionpack (3.2.22.5)
      activemodel (= 3.2.22.5)
      activesupport (= 3.2.22.5)
      builder (~> 3.0.0)
      erubis (~> 2.7.0)
      journey (~> 1.0.4)
      rack (~> 1.4.5)
      rack-cache (~> 1.2)
      rack-test (~> 0.6.1)
      sprockets (~> 2.2.1)
    activemodel (3.2.22.5)
      activesupport (= 3.2.22.5)
      builder (~> 3.0.0)
    activerecord (3.2.22.5)
      activemodel (= 3.2.22.5)
      activesupport (= 3.2.22.5)
      arel (~> 3.0.2)
      tzinfo (~> 0.3.29)
    activeresource (3.2.22.5)
      activemodel (= 3.2.22.5)
      activesupport (= 3.2.22.5)
    activesupport (3.2.22.5)
      i18n (~> 0.6, >= 0.6.4)
      multi_json (~> 1.0)
    acts-as-taggable-on (3.5.0)
      activerecord (>= 3.2, < 5)
    addressable (2.8.7)
      public_suffix (>= 2.0.2, < 7.0)
    arel (3.0.3)
    aws-eventstream (1.1.1)
    aws-partitions (1.493.0)
    aws-sdk (1.65.0)
      aws-sdk-v1 (= 1.65.0)
    aws-sdk-core (3.119.1)
      aws-eventstream (~> 1, >= 1.0.2)
      aws-partitions (~> 1, >= 1.239.0)
      aws-sigv4 (~> 1.1)
      jmespath (~> 1.0)
    aws-sdk-kms (1.47.0)
      aws-sdk-core (~> 3, >= 3.119.0)
      aws-sigv4 (~> 1.1)
    aws-sdk-s3 (1.100.0)
      aws-sdk-core (~> 3, >= 3.119.0)
      aws-sdk-kms (~> 1)
      aws-sigv4 (~> 1.1)
    aws-sdk-v1 (1.65.0)
      json (~> 1.4)
      nokogiri (>= 1.4.4)
    aws-sigv4 (1.2.4)
      aws-eventstream (~> 1, >= 1.0.2)
    base64 (0.1.2)
    bigdecimal (1.3.5)
    brI18n (3.3.0)
      actionpack (>= 3.0.0)
      activerecord (>= 3.0.0)
      activesupport (>= 3.0.0)
    brazilian-rails (3.3.0)
      brI18n (= 3.3.0)
      brcep (= 3.3.0)
      brcpfcnpj (= 3.3.0)
      brdata (= 3.3.0)
      brdinheiro (= 3.3.0)
      brhelper (= 3.3.0)
      brnumeros (= 3.3.0)
      brstring (= 3.3.0)
    brcep (3.3.0)
    brcpfcnpj (3.3.0)
      actionpack (>= 3.0.0)
      activesupport (>= 3.0.0)
    brdata (3.3.0)
      actionpack (>= 3.0.0)
      activesupport (>= 3.0.0)
    brdinheiro (3.3.0)
      actionpack (>= 3.0.0)
      activerecord (>= 3.0.0)
      brnumeros (= 3.3.0)
    brhelper (3.3.0)
      actionpack (>= 3.0.0)
      activesupport (>= 3.0.0)
    brnumeros (3.3.0)
    brstring (3.3.0)
      activesupport (>= 3.0.0)
    builder (3.0.4)
    caxlsx (3.0.0)
      htmlentities (~> 4.3, >= 4.3.4)
      mimemagic (~> 0.3)
      nokogiri (~> 1.8, >= 1.8.2)
      rubyzip (~> 1.2, >= 1.2.1)
    chartkick (3.4.2)
    chronic (0.10.2)
    chunky_png (1.4.0)
    ckeditor (4.1.6)
      cocaine
      orm_adapter (~> 0.5.0)
    climate_control (0.2.0)
    cocaine (0.5.8)
      climate_control (>= 0.0.3, < 1.0)
    connection_pool (2.2.5)
    delocalize (0.3.2)
      rails (>= 3.0, < 4)
    erubis (2.7.0)
    execjs (2.9.0)
    faraday (0.17.6)
      multipart-post (>= 1.2, < 3)
    fcmpush (1.2.1)
      googleauth (>= 0.9.0)
      net-http-persistent (>= 3.1.0)
    googleauth (0.9.0)
      faraday (~> 0.12)
      jwt (>= 1.4, < 3.0)
      memoist (~> 0.16)
      multi_json (~> 1.11)
      os (>= 0.9, < 2.0)
      signet (~> 0.7)
    googlecharts (1.6.12)
    hike (1.2.3)
    htmlentities (4.3.4)
    httparty (0.21.0)
      mini_mime (>= 1.0.0)
      multi_xml (>= 0.5.2)
    i18n (0.7.0)
    i18n-active_record (0.4.0)
      i18n (>= 0.5.0)
    jmespath (1.6.2)
    journey (1.0.4)
    jquery-rails (3.1.5)
      railties (>= 3.0, < 5.0)
      thor (>= 0.14, < 2.0)
    jquery-ui-rails (8.0.0)
      railties (>= 3.2.16)
    jquery-ui-themes (0.0.12)
      httparty
    json (1.8.6)
    jwt (2.3.0)
    kgio (2.11.4)
    liquid (4.0.4)
    mail (2.5.5)
      mime-types (~> 1.16)
      treetop (~> 1.4.8)
    memoist (0.16.2)
    mime-types (1.25.1)
    mimemagic (0.4.3)
      nokogiri (~> 1)
      rake
    mini_mime (1.1.2)
    mini_portile2 (2.4.0)
    multi_fetch_fragments (0.0.17)
    multi_json (1.15.0)
    multi_xml (0.6.0)
    multipart-post (2.3.0)
    net-http-persistent (4.0.1)
      connection_pool (~> 2.2)
    nokogiri (1.9.1)
      mini_portile2 (~> 2.4.0)
    numbers_and_words (0.11.6)
      i18n
    orm_adapter (0.5.0)
    os (1.1.4)
    paperclip (4.2.4)
      activemodel (>= 3.2.0)
      activesupport (>= 3.2.0)
      cocaine (~> 0.5.5)
      mime-types
    paperclip-storage-ftp (1.2.8)
      paperclip (>= 4.0.0)
    pdfkit (0.8.4.3.2)
    pg (0.21.0)
    polyglot (0.3.5)
    public_suffix (4.0.0)
    racc (1.4.14)
    rack (1.4.7)
    rack-cache (1.14.0)
      rack (>= 0.4)
    rack-ssl (1.3.4)
      rack
    rack-test (0.6.3)
      rack (>= 1.0)
    rails (3.2.22.5)
      actionmailer (= 3.2.22.5)
      actionpack (= 3.2.22.5)
      activerecord (= 3.2.22.5)
      activeresource (= 3.2.22.5)
      activesupport (= 3.2.22.5)
      bundler (~> 1.0)
      railties (= 3.2.22.5)
    rails-i18n (3.0.1)
      i18n (~> 0.5)
      rails (>= 3.0.0, < 4.0.0)
    rails3-generators (1.0.0)
      railties (>= 3.0.0)
    railties (3.2.22.5)
      actionpack (= 3.2.22.5)
      activesupport (= 3.2.22.5)
      rack-ssl (~> 1.3.2)
      rake (>= 0.8.7)
      rdoc (~> 3.4)
      thor (>= 0.14.6, < 2.0)
    raindrops (0.20.1)
    rake (13.2.1)
    rdoc (3.12.2)
      json (~> 1.4)
    responders (1.1.2)
      railties (>= 3.2, < 4.2)
    rqrcode (2.1.2)
      chunky_png (~> 1.0)
      rqrcode_core (~> 1.0)
    rqrcode_core (1.2.0)
    ruby-ole (1.2.13.1)
    rubyzip (1.3.0)
    select2-rails (4.0.13)
    signet (0.11.0)
      addressable (~> 2.3)
      faraday (~> 0.9)
      jwt (>= 1.5, < 3.0)
      multi_json (~> 1.10)
    simple_calendar (2.4.3)
      rails (>= 3.0)
    spreadsheet (1.3.3)
      bigdecimal
      ruby-ole
    sprockets (2.2.3)
      hike (~> 1.2)
      multi_json (~> 1.0)
      rack (~> 1.0)
      tilt (~> 1.1, != 1.3.0)
    thor (1.2.2)
    tilt (1.4.1)
    to_spreadsheet (1.1.0)
      caxlsx
      chronic
      nokogiri
      rails
      responders
    to_xls (1.0.0)
      spreadsheet (> 0)
      spreadsheet
    treetop (1.4.15)
      polyglot
      polyglot (>= 0.3.1)
    tzinfo (0.3.62)
    uglifier (4.2.0)
      execjs (>= 0.3.0, < 3)
    unicorn (6.1.0)
      kgio (~> 2.6)
      raindrops (~> 0.7)
    wicked_pdf (1.1.0)
    will_paginate (3.0.12)
    wkhtmltopdf-binary (0.12.6.8)

PLATFORMS
  ruby

DEPENDENCIES
  acts-as-taggable-on
  arel
  auditor!
  aws-eventstream (= 1.1.1)
  aws-partitions (= 1.493.0)
  aws-sdk (= 1.65.0)
  aws-sdk-core (= 3.119.1)
  aws-sdk-kms (= 1.47.0)
  aws-sdk-s3 (= 1.100.0)
  aws-sdk-v1 (= 1.65.0)
  aws-sigv4 (= 1.2.4)
  base64 (= 0.1.2)
  bigdecimal (= 1.3.5)
  brazilian-rails
  chartkick
  ckeditor (~> 4.1.1)
  delocalize (~> 0.3.1)
  erubis (~> 2.7)
  fcmpush
  googlecharts
  i18n (= 0.7.0)
  i18n-active_record (= 0.4.0)
  jquery-rails
  jquery-ui-rails
  jquery-ui-themes
  liquid
  multi_fetch_fragments
  nokogiri (= 1.9.1)
  numbers_and_words
  paperclip
  paperclip-storage-ftp
  pdfkit
  pg (~> 0.18)
  public_suffix (= 4.0)
  racc (= 1.4.14)
  rack-cache (= 1.14.0)
  rails (= 3.2.22.5)
  rails-i18n (~> 3.0.0)
  rails3-generators
  rqrcode
  select2-rails (~> 4.0, >= 4.0.3)
  simple_calendar
  to_spreadsheet
  to_xls (~> 1.0.0)
  uglifier
  unicorn
  wicked_pdf (= 1.1.0)
  will_paginate (~> 3.0.7)
  wkhtmltopdf-binary

BUNDLED WITH
   1.17.3
